GEM
  remote: https://rubygems.org/
  specs:
    addressable (2.3.8)
    ast (2.4.0)
    aws-sdk (2.11.200)
      aws-sdk-resources (= 2.11.200)
    aws-sdk-core (2.11.200)
      aws-sigv4 (~> 1.0)
      jmespath (~> 1.0)
    aws-sdk-resources (2.11.200)
      aws-sdk-core (= 2.11.200)
    aws-sigv4 (1.0.3)
    faraday (0.9.2)
      multipart-post (>= 1.2, < 3)
    ffi (1.10.0)
    ffi-compiler (1.0.1)
      ffi (>= 1.0.0)
      rake
    highline (1.7.3)
    jaro_winkler (1.5.2)
    jmespath (1.4.0)
    json (2.3.0)
    lsst-git-lfs-s3 (0.3.13)
      aws-sdk (~> 2.11)
      multi_json (~> 1.13)
      sinatra (~> 2.0.2)
    multi_json (1.13.1)
    multipart-post (2.0.0)
    mustermann (1.0.3)
    octokit (4.1.0)
      sawyer (~> 0.6.0, >= 0.5.3)
    parallel (1.12.1)
    parser (2.5.3.0)
      ast (~> 2.4.0)
    powerpack (0.1.2)
    rack (2.2.3)
    rack-protection (2.0.5)
      rack
    rainbow (3.0.0)
    rake (13.0.1)
    redis (3.2.1)
    rubocop (0.61.1)
      jaro_winkler (~> 1.5.1)
      parallel (~> 1.10)
      parser (>= 2.5, != 2.5.1.1)
      powerpack (~> 0.1)
      rainbow (>= 2.2.2, < 4.0)
      ruby-progressbar (~> 1.7)
      unicode-display_width (~> 1.4.0)
    ruby-progressbar (1.10.0)
    sawyer (0.6.0)
      addressable (~> 2.3.5)
      faraday (~> 0.8, < 0.10)
    scrypt (2.0.2)
      ffi-compiler (>= 0.0.2)
      rake
    sinatra (2.0.5)
      mustermann (~> 1.0)
      rack (~> 2.0)
      rack-protection (= 2.0.5)
      tilt (~> 2.0)
    tilt (2.0.9)
    unicode-display_width (1.4.1)

PLATFORMS
  ruby

DEPENDENCIES
  highline (= 1.7.3)
  json (~> 2.3.0)
  lsst-git-lfs-s3 (= 0.3.13)
  octokit (= 4.1.0)
  redis (= 3.2.1)
  rubocop (~> 0.61.1)
  scrypt (= 2.0.2)

BUNDLED WITH
   1.17.3
